PATH
  remote: .
  specs:
    collins-cli (0.3.0)
      collins_auth (~> 0.2.0)
      colorize (~> 0.7.3)

GEM
  remote: https://rubygems.org/
  specs:
    collins_auth (0.2.0)
      collins_client (~> 0.3.0)
      highline
    collins_client (0.3.0)
      httparty (~> 0.16.0)
    colorize (0.7.7)
    diff-lcs (1.3)
    highline (2.0.0)
    httparty (0.16.2)
      multi_xml (>= 0.5.2)
    multi_xml (0.6.0)
    rake (10.4.2)
    rspec (3.1.0)
      rspec-core (~> 3.1.0)
      rspec-expectations (~> 3.1.0)
      rspec-mocks (~> 3.1.0)
    rspec-core (3.1.7)
      rspec-support (~> 3.1.0)
    rspec-expectations (3.1.2)
      diff-lcs (>= 1.2.0, < 2.0)
      rspec-support (~> 3.1.0)
    rspec-mocks (3.1.3)
      rspec-support (~> 3.1.0)
    rspec-support (3.1.2)

PLATFORMS
  ruby

DEPENDENCIES
  collins-cli!
  rake (~> 10.4.0)
  rspec (~> 3.1.0)

BUNDLED WITH
   1.16.2
